PATH
  remote: .
  specs:
    ecrails_templates (0.0.1)

GEM
  remote: http://rubygems.org/
  specs:

PLATFORMS
  ruby

DEPENDENCIES
  ecrails_templates!
